GIT
  remote: https://github.com/demery/xlsx_to_pqc.git
  revision: ae59347b27e9bce3114b72e9f227471cd8f60bcb
  branch: development
  specs:
    xlsx_to_pqc_xml (0.1.0.5)
      nokogiri (~> 1.8.5)
      rubyXL (~> 3.3.30)

GEM
  remote: https://rubygems.org/
  specs:
    mini_portile2 (2.3.0)
    nokogiri (1.8.5)
      mini_portile2 (~> 2.3.0)
    rubyXL (3.3.31)
      nokogiri (>= 1.4.4)
      rubyzip (>= 1.1.6)
    rubyzip (1.2.2)
    yard (0.9.16)

PLATFORMS
  ruby

DEPENDENCIES
  xlsx_to_pqc_xml!
  yard

BUNDLED WITH
   1.15.4
